GEM
  remote: https://rubygems.org/
  specs:
    activesupport (4.2.7.1)
      i18n (~> 0.7)
      json (~> 1.7, >= 1.7.7)
      minitest (~> 5.1)
      thread_safe (~> 0.3, >= 0.3.4)
      tzinfo (~> 1.1)
    async_sinatra (1.1.0)
      rack (>= 1.4.1)
      sinatra (>= 1.3.2)
    coffee-script (2.2.0)
      coffee-script-source
      execjs
    coffee-script-source (1.10.0)
    crass (1.0.2)
    curb (0.8.8)
    daemons (1.2.4)
    eventmachine (1.2.0.1)
    execjs (2.7.0)
    ffi (1.9.14)
    i18n (0.7.0)
    json (1.8.3)
    kramdown (1.5.0)
    listen (1.3.1)
      rb-fsevent (>= 0.9.3)
      rb-inotify (>= 0.9)
      rb-kqueue (>= 0.2)
    maruku (0.7.2)
    mime-types (1.25.1)
    mini_portile2 (2.1.0)
    minitest (5.9.0)
    msgpack (0.4.7)
    nokogiri (1.6.8)
      mini_portile2 (~> 2.1.0)
      pkg-config (~> 1.1.7)
    nokogumbo (1.4.9)
      nokogiri
    pkg-config (1.1.7)
    polytexnic (1.2.5)
      json (~> 1.8.1)
      kramdown (~> 1.5.0)
      msgpack (~> 0.4.2)
      nokogiri (~> 1.6.0)
      pygments.rb (~> 0.6.0)
    posix-spawn (0.3.11)
    pygments.rb (0.6.3)
      posix-spawn (~> 0.3.6)
      yajl-ruby (~> 1.2.0)
    rack (1.6.4)
    rack-protection (1.5.3)
      rack
    rb-fsevent (0.9.7)
    rb-inotify (0.9.7)
      ffi (>= 0.5.0)
    rb-kqueue (0.2.4)
      ffi (>= 0.5.0)
    rest-client (1.6.9)
      mime-types (~> 1.16)
    ruby-progressbar (1.4.2)
    sanitize (4.0.1)
      crass (~> 1.0.2)
      nokogiri (>= 1.4.4)
      nokogumbo (~> 1.4.1)
    sinatra (1.4.7)
      rack (~> 1.5)
      rack-protection (~> 1.4)
      tilt (>= 1.3, < 3)
    sinatra-respond_to (0.9.0)
      sinatra (~> 1.3)
    softcover (1.2.15)
      activesupport (~> 4.2.3)
      async_sinatra (~> 1.1.0)
      coffee-script (~> 2.2.0)
      curb (~> 0.8.5)
      i18n (~> 0.7.0)
      kramdown (~> 1.5.0)
      listen (~> 1.3.1)
      maruku (~> 0.7.1)
      msgpack (~> 0.4.2)
      nokogiri (~> 1.6.0)
      polytexnic (~> 1.2.4)
      pygments.rb (~> 0.6.0)
      rb-fsevent (~> 0.9.3)
      rest-client (~> 1.6.7)
      ruby-progressbar (~> 1.4.2)
      sanitize (~> 4.0.1)
      sinatra (~> 1.4.4)
      sinatra-respond_to (~> 0.9.0)
      thin (~> 1.6.1)
      thor (~> 0.18.1)
    thin (1.6.4)
      daemons (~> 1.0, >= 1.0.9)
      eventmachine (~> 1.0, >= 1.0.4)
      rack (~> 1.0)
    thor (0.18.1)
    thread_safe (0.3.5)
    tilt (2.0.5)
    tzinfo (1.2.2)
      thread_safe (~> 0.1)
    yajl-ruby (1.2.1)

PLATFORMS
  ruby

DEPENDENCIES
  softcover

BUNDLED WITH
   1.12.4
