GEM
  remote: https://rubygems.org/
  specs:
    softcover (0.0.1)
    yajl-ruby (1.3.1)

PLATFORMS
  ruby

DEPENDENCIES
  softcover
  yajl-ruby (~> 1.3.1)

BUNDLED WITH
   1.16.0
